GEM
  remote: https://rubygems.org/
  specs:
    backports (3.6.4)
    haml (4.0.6)
      tilt
    multi_json (1.11.0)
    newrelic_rpm (3.11.1.284)
    puma (2.11.1)
      rack (>= 1.1, < 2.0)
    rack (1.6.0)
    rack-protection (1.5.3)
      rack
    rack-test (0.6.3)
      rack (>= 1.0)
    redcarpet (3.2.2)
    sinatra (1.4.5)
      rack (~> 1.4)
      rack-protection (~> 1.4)
      tilt (~> 1.3, >= 1.3.4)
    sinatra-contrib (1.4.2)
      backports (>= 2.0)
      multi_json
      rack-protection
      rack-test
      sinatra (~> 1.4.0)
      tilt (~> 1.3)
    tilt (1.4.1)

PLATFORMS
  ruby

DEPENDENCIES
  haml
  newrelic_rpm
  puma
  redcarpet
  sinatra
  sinatra-contrib

BUNDLED WITH
   1.10.6
